GEM
  remote: https://rubygems.org/
  specs:
    coderay (1.1.1)
    concurrent-ruby (1.0.5)
    erubis (2.7.0)
    ethon (0.10.1)
      ffi (>= 1.3.0)
    ffi (1.9.18)
    hamster (3.0.0)
      concurrent-ruby (~> 1.0)
    json (2.1.0)
    link_header (0.0.8)
    method_source (0.8.2)
    pry (0.10.4)
      coderay (~> 1.1.0)
      method_source (~> 0.8.1)
      slop (~> 3.4)
    rdf (2.2.6)
      hamster (~> 3.0)
      link_header (~> 0.0, >= 0.0.8)
    slop (3.6.0)
    typhoeus (1.1.2)
      ethon (>= 0.9.0)

PLATFORMS
  ruby

DEPENDENCIES
  erubis
  json
  pry
  rdf
  typhoeus

BUNDLED WITH
   1.15.0
